PATH
  remote: .
  specs:
    active_merchant_square (0.1.0)

GEM
  remote: https://rubygems.org/
  specs:
    activemerchant (1.137.0)
      activesupport (>= 4.2)
      builder (>= 2.1.2, < 4.0.0)
      i18n (>= 0.6.9)
      nokogiri (~> 1.4)
      rexml (~> 3.3, >= 3.3.4)
    activesupport (6.0.6.1)
      concurrent-ruby (~> 1.0, >= 1.0.2)
      i18n (>= 0.7, < 2)
      minitest (~> 5.1)
      tzinfo (~> 1.1)
      zeitwerk (~> 2.2, >= 2.2.2)
    builder (3.3.0)
    concurrent-ruby (1.3.3)
    i18n (1.14.5)
      concurrent-ruby (~> 1.0)
    mini_portile2 (2.8.7)
    minitest (5.24.1)
    mocha (1.11.2)
    nokogiri (1.16.7)
      mini_portile2 (~> 2.8.2)
      racc (~> 1.4)
    power_assert (1.1.7)
    racc (1.8.1)
    rake (12.3.3)
    rexml (3.3.4)
      strscan
    strscan (3.1.0)
    test-unit (3.3.4)
      power_assert
    thread_safe (0.3.6)
    tzinfo (1.2.11)
      thread_safe (~> 0.1)
    zeitwerk (2.6.17)

PLATFORMS
  ruby

DEPENDENCIES
  active_merchant_square!
  activemerchant
  mocha (~> 1)
  rake (~> 12.0)
  test-unit (~> 3)

BUNDLED WITH
   2.1.4
